GEM
  remote: https://rubygems.org/
  specs:
    date (3.2.2)
    json (2.6.1)
    nokogiri (1.13.8-arm64-darwin)
      racc (~> 1.4)
    open-uri (0.2.0)
      stringio
      time
      uri
    racc (1.6.0)
    stringio (3.0.2)
    time (0.2.0)
      date
    uri (0.11.0)

PLATFORMS
  arm64-darwin-21

DEPENDENCIES
  json
  nokogiri
  open-uri

BUNDLED WITH
   2.3.22
